PATH
  remote: .
  specs:
    rc_rulers (0.1.3)
      rake

GEM
  remote: https://rubygems.org/
  specs:
    diff-lcs (1.3)
    power_assert (1.1.3)
    rack (2.0.5)
    rack-test (1.0.0)
      rack (>= 1.0, < 3)
    rake (10.5.0)
    rspec (3.7.0)
      rspec-core (~> 3.7.0)
      rspec-expectations (~> 3.7.0)
      rspec-mocks (~> 3.7.0)
    rspec-core (3.7.1)
      rspec-support (~> 3.7.0)
    rspec-expectations (3.7.0)
      diff-lcs (>= 1.2.0, < 2.0)
      rspec-support (~> 3.7.0)
    rspec-mocks (3.7.0)
      diff-lcs (>= 1.2.0, < 2.0)
      rspec-support (~> 3.7.0)
    rspec-support (3.7.1)
    test-unit (3.2.8)
      power_assert

PLATFORMS
  ruby

DEPENDENCIES
  bundler (~> 1.16)
  rack-test
  rake (~> 10.0)
  rc_rulers!
  rspec (~> 3.0)
  test-unit (~> 3.2)

BUNDLED WITH
   1.16.2
